PATH
  remote: .
  specs:
    authlogic (3.2.1)
      activerecord (>= 3.0.0)
      activesupport (>= 3.0.0)

GEM
  remote: http://rubygems.org/
  specs:
    activemodel (3.2.9)
      activesupport (= 3.2.9)
      builder (~> 3.0.0)
    activerecord (3.2.9)
      activemodel (= 3.2.9)
      activesupport (= 3.2.9)
      arel (~> 3.0.2)
      tzinfo (~> 0.3.29)
    activesupport (3.2.9)
      i18n (~> 0.6)
      multi_json (~> 1.0)
    arel (3.0.2)
    bcrypt-ruby (3.0.1)
    builder (3.0.4)
    i18n (0.6.1)
    multi_json (1.4.0)
    rake (10.0.2)
    scrypt (1.1.0)
    sqlite3 (1.3.6)
    timecop (0.5.4)
    tzinfo (0.3.35)

PLATFORMS
  ruby

DEPENDENCIES
  authlogic!
  bcrypt-ruby
  rake
  scrypt
  sqlite3
  timecop
