PATH
  remote: .
  specs:
    authlogic (3.2.1)
      activerecord (>= 4.0.0.beta1)
      activesupport (>= 4.0.0.beta1)

GEM
  remote: https://rubygems.org/
  specs:
    activemodel (4.0.0.beta1)
      activesupport (= 4.0.0.beta1)
      builder (~> 3.1.0)
    activerecord (4.0.0.beta1)
      activemodel (= 4.0.0.beta1)
      activerecord-deprecated_finders (~> 0.0.3)
      activesupport (= 4.0.0.beta1)
      arel (~> 4.0.0.beta1)
    activerecord-deprecated_finders (0.0.3)
    activesupport (4.0.0.beta1)
      i18n (~> 0.6.2)
      minitest (~> 4.2)
      multi_json (~> 1.3)
      thread_safe (~> 0.1)
      tzinfo (~> 0.3.33)
    arel (4.0.0.beta1)
    atomic (1.0.1)
    bcrypt-ruby (3.0.1)
    builder (3.1.4)
    i18n (0.6.4)
    minitest (4.6.2)
    multi_json (1.6.1)
    rake (10.0.2)
    scrypt (1.1.0)
    sqlite3 (1.3.6)
    thread_safe (0.1.0)
      atomic
    timecop (0.5.4)
    tzinfo (0.3.36)

PLATFORMS
  ruby

DEPENDENCIES
  authlogic!
  bcrypt-ruby
  rake
  scrypt
  sqlite3
  timecop
